PATH
  remote: .
  specs:
    internationalize (0.0.1)
      thoughtbot-shoulda
      ya2yaml (>= 0.26)

GEM
  remote: https://rubygems.org/
  specs:
    rake (10.1.0)
    thoughtbot-shoulda (2.11.1)
    ya2yaml (0.31)

PLATFORMS
  ruby

DEPENDENCIES
  bundler (~> 1.3)
  internationalize!
  rake
